GEM
  remote: https://rubygems.org/
  specs:
    ParseTree (3.0.9)
      RubyInline (~> 3.9.0)
      sexp_processor (~> 3.2.0)
    RubyInline (3.9.0)
      ZenTest (~> 4.3)
    ZenTest (4.10.1)
    addressable (2.0.2)
    curb (0.3.7)
    data_objects (0.9.12)
      addressable (~> 2.0.0)
      extlib (~> 0.9.12)
    diff-lcs (1.2.5)
    dm-core (0.9.11)
      addressable (~> 2.0.2)
      data_objects (~> 0.9.11)
      extlib (~> 0.9.11)
    dm-sweatshop (0.9.11)
      dm-core (= 0.9.11)
      randexp (~> 0.1.4)
    dm-timestamps (0.9.11)
      dm-core (= 0.9.11)
    dm-validations (0.9.11)
      dm-core (= 0.9.11)
    do_postgres (0.9.12)
      addressable (~> 2.0.0)
      data_objects (= 0.9.12)
      extlib (~> 0.9.12)
    do_sqlite3 (0.9.12)
      addressable (~> 2.0.0)
      data_objects (= 0.9.12)
      extlib (~> 0.9.12)
    domain_name (0.5.19)
      unf (>= 0.0.5, < 1.0.0)
    extlib (0.9.16)
    fakeweb (1.3.0)
    haml (2.2.24)
    http-cookie (1.0.2)
      domain_name (~> 0.5)
    json (1.8.1)
    mechanize (2.7.3)
      domain_name (~> 0.5, >= 0.5.1)
      http-cookie (~> 1.0)
      mime-types (~> 2.0)
      net-http-digest_auth (~> 1.1, >= 1.1.1)
      net-http-persistent (~> 2.5, >= 2.5.2)
      nokogiri (~> 1.4)
      ntlm-http (~> 0.1, >= 0.1.1)
      webrobots (>= 0.0.9, < 0.2)
    mime-types (2.3)
    mini_portile (0.6.0)
    net-http-digest_auth (1.4)
    net-http-persistent (2.9.4)
    nokogiri (1.6.3.1)
      mini_portile (= 0.6.0)
    ntlm-http (0.1.1)
    oauth (0.3.2)
      ruby-hmac (>= 0.3.1)
    rack (1.5.2)
    rack-test (0.5.7)
      rack (>= 1.0)
    rack_hoptoad (0.1.5)
      rack
      toadhopper (~> 1.0.1)
    rake (10.3.2)
    randexp (0.1.7)
    rspec (3.0.0)
      rspec-core (~> 3.0.0)
      rspec-expectations (~> 3.0.0)
      rspec-mocks (~> 3.0.0)
    rspec-core (3.0.4)
      rspec-support (~> 3.0.0)
    rspec-expectations (3.0.4)
      diff-lcs (>= 1.2.0, < 2.0)
      rspec-support (~> 3.0.0)
    rspec-mocks (3.0.4)
      rspec-support (~> 3.0.0)
    rspec-support (3.0.4)
    ruby-hmac (0.4.0)
    sexp_processor (3.2.0)
    sinatra (0.9.6)
      rack (>= 0.9.1)
    toadhopper (1.0.6)
    tzinfo (0.3.41)
    tztime (0.1.0)
      tzinfo (>= 0.3.8)
    unf (0.1.4)
      unf_ext
    unf_ext (0.0.6)
    uuidtools (1.0.7)
    webrat (0.5.3)
      nokogiri (>= 1.2.0)
      rack (>= 1.0)
    webrobots (0.1.1)

PLATFORMS
  ruby

DEPENDENCIES
  ParseTree (>= 3.0.4)
  bundler
  curb (~> 0.3.7)
  dm-sweatshop (~> 0.9.11)
  dm-timestamps (~> 0.9.11)
  dm-validations (~> 0.9.11)
  do_postgres (~> 0.9.12)
  do_sqlite3 (~> 0.9.12)
  fakeweb (>= 1.2.5)
  haml (~> 2.2.0)
  json (>= 1.1.7)
  mechanize (>= 0.9.3)
  oauth (= 0.3.2)
  rack-test (~> 0.5.0)
  rack_hoptoad (>= 0.0.3)
  rake
  randexp
  rspec
  sinatra (~> 0.9.4)
  tzinfo (~> 0.3.13)
  tztime (~> 0.1.0)
  uuidtools (~> 1.0.7)
  webrat (~> 0.5.0)
